GEM
  remote: http://rubygems.org/
  specs:
    builder (3.2.4)
    byebug (11.1.3)
    getopt (1.5.1)
    rdoc (6.2.1)

PLATFORMS
  ruby

DEPENDENCIES
  builder
  byebug
  getopt
  rdoc

BUNDLED WITH
   1.17.3
